PATH
  remote: .
  specs:
    csv_parser (0.1.0)

GEM
  remote: https://rubygems.org/
  specs:
    rake (13.2.1)

PLATFORMS
  aarch64-linux-android
  ruby

DEPENDENCIES
  csv_parser!
  rake (~> 13.0)

BUNDLED WITH
   2.5.16
